GEM
  remote: https://rubygems.org/
  specs:
    date (3.2.2)
    httparty (0.20.0)
      mime-types (~> 3.0)
      multi_xml (>= 0.5.2)
    mime-types (3.4.1)
      mime-types-data (~> 3.2015)
    mime-types-data (3.2022.0105)
    multi_xml (0.6.0)
    nasa_apod (1.2.1)
      httparty
    open-uri (0.2.0)
      stringio
      time
      uri
    stringio (3.0.2)
    time (0.2.0)
      date
    uri (0.11.0)

PLATFORMS
  x64-mingw-ucrt

DEPENDENCIES
  nasa_apod
  open-uri

BUNDLED WITH
   2.3.9
